GEM
  remote: https://rubygems.org/
  specs:
    master (0.1.0)

PLATFORMS
  ruby

DEPENDENCIES
  master

BUNDLED WITH
   2.1.4
